GEM
  remote: https://rubygems.org/
  specs:
    base64 (0.2.0)
    json (2.7.1)
    magister (1.3.0)
      base64 (~> 0.2.0)
      json (~> 2.7, >= 2.7.1)
      securerandom (~> 0.3.1)
      selenium-webdriver (~> 4.17)
    rexml (3.2.6)
    rubyzip (2.3.2)
    securerandom (0.3.1)
    selenium-webdriver (4.18.1)
      base64 (~> 0.2)
      rexml (~> 3.2, >= 3.2.5)
      rubyzip (>= 1.2.2, < 3.0)
      websocket (~> 1.0)
    websocket (1.2.10)

PLATFORMS
  x64-mingw-ucrt

DEPENDENCIES
  magister

BUNDLED WITH
   2.4.10
